GEM
  remote: http://rubygems.org/
  specs:
    RedCloth (4.2.9)
    daemons (1.0.10)
    erubis (2.7.0)
    gem_plugin (0.2.3)
    json (1.6.4)
    mongrel (1.2.0.pre2)
      daemons (~> 1.0.10)
      gem_plugin (~> 0.2.3)
    nokogiri (1.5.0)
    pg (0.12.2)
    rack (1.4.0)
    rake (0.9.2.2)
    rdoc (3.12)
      json (~> 1.4)
    rubyzip (0.9.5)
    sqlite3 (1.3.5)
    sqlite3-ruby (1.3.3)
      sqlite3 (>= 1.3.3)

PLATFORMS
  ruby

DEPENDENCIES
  RedCloth (>= 4.0.0)
  erubis
  json
  mongrel (>= 1.2.0.pre2)
  nokogiri
  pg (~> 0.12.0)
  rack (>= 1.1.0)
  rake
  rdoc
  rubyzip
  sqlite3-ruby
